GEM
  remote: https://rubygems.org/
  specs:
    awesome_print (1.8.0)
    coderay (1.1.2)
    ethon (0.11.0)
      ffi (>= 1.3.0)
    ffi (1.9.18)
    httparty (0.11.0)
      multi_json (~> 1.0)
      multi_xml (>= 0.5.2)
    lunchy (0.10.4)
    method_source (0.9.0)
    mini_portile2 (2.3.0)
    multi_json (1.12.2)
    multi_xml (0.6.0)
    nokogiri (1.8.1)
      mini_portile2 (~> 2.3.0)
    pinboard (1.0.0)
      httparty (= 0.11.0)
    plist (3.4.0)
    pry (0.11.3)
      coderay (~> 1.1.0)
      method_source (~> 0.9.0)
    typhoeus (1.3.0)
      ethon (>= 0.9.0)

PLATFORMS
  ruby

DEPENDENCIES
  awesome_print
  lunchy
  nokogiri
  pinboard
  plist
  pry
  typhoeus

BUNDLED WITH
   1.16.0
